PATH
  remote: .
  specs:
    gel (0.8.0.pre1)

GEM
  remote: https://rubygems.org/
  specs:
    addressable (2.8.7)
      public_suffix (>= 2.0.2, < 7.0)
    bigdecimal (3.1.9)
    crack (1.0.0)
      bigdecimal
      rexml
    hashdiff (1.1.2)
    kramdown (2.5.1)
      rexml (>= 3.3.9)
    kramdown-parser-gfm (1.1.0)
      kramdown (~> 2.0)
    mini_portile2 (2.8.8)
    minitest (5.15.0)
    mocha (2.7.1)
      ruby2_keywords (>= 0.0.5)
    mustache (1.1.1)
    mutex_m (0.3.0)
    nokogiri (1.18.4)
      mini_portile2 (~> 2.8.2)
      racc (~> 1.4)
    public_suffix (6.0.1)
    racc (1.8.1)
    rake (12.3.3)
    rexml (3.4.1)
    ronn-ng (0.10.1)
      kramdown (~> 2, >= 2.1)
      kramdown-parser-gfm (~> 1, >= 1.0.1)
      mustache (~> 1)
      nokogiri (~> 1, >= 1.14.3)
    ruby2_keywords (0.0.5)
    webmock (3.25.1)
      addressable (>= 2.8.0)
      crack (>= 0.3.2)
      hashdiff (>= 0.4.0, < 2.0.0)

PLATFORMS
  ruby

DEPENDENCIES
  gel!
  minitest (~> 5.0, < 5.16)
  mocha
  mutex_m
  rake (~> 12.3)
  ronn-ng
  webmock

BUNDLED WITH
   1.999
