PATH
  remote: .
  specs:
    gel (0.8.0.pre1)

GEM
  remote: https://rubygems.org/
  specs:
    addressable (2.8.0)
      public_suffix (>= 2.0.2, < 5.0)
    crack (0.4.5)
      rexml
    hashdiff (1.0.1)
    hpricot (0.8.6)
    minitest (5.15.0)
    mocha (1.14.0)
    mustache (1.1.1)
    public_suffix (4.0.7)
    rake (12.3.3)
    rdiscount (2.2.0.2)
    rexml (3.2.8)
      strscan (>= 3.0.9)
    ronn (0.7.3)
      hpricot (>= 0.8.2)
      mustache (>= 0.7.0)
      rdiscount (>= 1.5.8)
    strscan (3.1.0)
    webmock (3.14.0)
      addressable (>= 2.8.0)
      crack (>= 0.3.2)
      hashdiff (>= 0.4.0, < 2.0.0)

PLATFORMS
  ruby

DEPENDENCIES
  gel!
  minitest (~> 5.0, < 5.16)
  mocha
  rake (~> 12.3)
  ronn
  webmock

BUNDLED WITH
   1.999
