PATH
  remote: .
  specs:
    gel (0.2.0)

GEM
  remote: https://rubygems.org/
  specs:
    addressable (2.5.2)
      public_suffix (>= 2.0.2, < 4.0)
    ast (2.4.0)
    crack (0.4.3)
      safe_yaml (~> 1.0.0)
    hashdiff (0.3.7)
    hpricot (0.8.6)
    jaro_winkler (1.5.2)
    metaclass (0.0.4)
    minitest (5.10.3)
    mocha (1.8.0)
      metaclass (~> 0.0.1)
    mustache (1.1.0)
    parallel (1.17.0)
    parser (2.6.2.1)
      ast (~> 2.4.0)
    psych (3.1.0)
    pub_grub (0.5.0)
    public_suffix (3.0.1)
    rainbow (3.0.0)
    rake (12.3.0)
    rdiscount (2.2.0.1)
    ronn (0.7.3)
      hpricot (>= 0.8.2)
      mustache (>= 0.7.0)
      rdiscount (>= 1.5.8)
    rubocop (0.67.2)
      jaro_winkler (~> 1.5.1)
      parallel (~> 1.10)
      parser (>= 2.5, != 2.5.1.1)
      psych (>= 3.1.0)
      rainbow (>= 2.2.2, < 4.0)
      ruby-progressbar (~> 1.7)
      unicode-display_width (>= 1.4.0, < 1.6)
    ruby-progressbar (1.10.0)
    safe_yaml (1.0.4)
    standard (0.0.39)
      rubocop (~> 0.67.1)
    unicode-display_width (1.5.0)
    webmock (3.1.1)
      addressable (>= 2.3.6)
      crack (>= 0.3.2)
      hashdiff

PLATFORMS
  ruby

DEPENDENCIES
  gel!
  minitest (~> 5.0)
  mocha
  pub_grub (>= 0.5.0)
  rake (~> 12.0)
  ronn
  standard
  webmock

BUNDLED WITH
   1.999
