PATH
  remote: .
  specs:
    gel (0.8.0.pre1)

GEM
  remote: https://rubygems.org/
  specs:
    addressable (2.8.7)
      public_suffix (>= 2.0.2, < 7.0)
    bigdecimal (3.1.9)
    crack (1.0.0)
      bigdecimal
      rexml
    hashdiff (1.1.2)
    minitest (5.15.0)
    mocha (2.7.1)
      ruby2_keywords (>= 0.0.5)
    mutex_m (0.3.0)
    ostruct (0.6.1)
    public_suffix (4.0.7)
    rake (13.2.1)
    rexml (3.4.1)
    ruby2_keywords (0.0.5)
    webmock (3.24.0)
      addressable (>= 2.8.0)
      crack (>= 0.3.2)
      hashdiff (>= 0.4.0, < 2.0.0)

PLATFORMS
  ruby

DEPENDENCIES
  gel!
  minitest (~> 5.0, < 5.16)
  mocha
  mutex_m
  ostruct
  rake
  webmock

BUNDLED WITH
   1.999
