PATH
  remote: .
  specs:
    paperback (0.1.0)
      molinillo
      pub_grub (= 0.3.0)

GEM
  remote: https://rubygems.org/
  specs:
    addressable (2.5.2)
      public_suffix (>= 2.0.2, < 4.0)
    crack (0.4.3)
      safe_yaml (~> 1.0.0)
    hashdiff (0.3.7)
    minitest (5.10.3)
    molinillo (0.6.4)
    pub_grub (0.3.0)
    public_suffix (3.0.1)
    rake (12.3.0)
    safe_yaml (1.0.4)
    webmock (3.1.1)
      addressable (>= 2.3.6)
      crack (>= 0.3.2)
      hashdiff

DEPENDENCIES
  minitest (~> 5.0)
  paperback!
  rake (~> 12.0)
  webmock
